

GROUP App
RESTRICTION: || (== net45) (== net462)
NUGET
  remote: https://www.nuget.org/api/v2
    BenchmarkDotNet (0.10.14)
      BenchmarkDotNet.Core (>= 0.10.14) - restriction: || (&& (== net45) (>= net46)) (&& (== net45) (>= netcoreapp1.1)) (== net462)
      BenchmarkDotNet.Toolchains.Roslyn (>= 0.10.14) - restriction: || (&& (== net45) (>= net46)) (== net462)
    BenchmarkDotNet.Core (0.10.14) - restriction: || (&& (== net45) (>= net46)) (&& (== net45) (>= netcoreapp1.1)) (== net462)
      Microsoft.DotNet.InternalAbstractions (>= 1.0) - restriction: || (&& (== net45) (>= net46)) (&& (== net45) (>= netcoreapp1.1)) (== net462)
      Microsoft.DotNet.PlatformAbstractions (>= 1.1.1) - restriction: || (&& (== net45) (>= net46)) (&& (== net45) (>= netcoreapp1.1)) (== net462)
      Microsoft.Win32.Registry (>= 4.3) - restriction: || (&& (== net45) (>= net46)) (&& (== net45) (>= netcoreapp1.1)) (== net462)
      System.Diagnostics.FileVersionInfo (>= 4.3) - restriction: || (&& (== net45) (>= net46)) (&& (== net45) (>= netcoreapp1.1)) (== net462)
      System.Threading.Tasks.Extensions (>= 4.3) - restriction: || (&& (== net45) (>= net46)) (== net462)
      System.ValueTuple (>= 4.3) - restriction: || (&& (== net45) (>= net46)) (&& (== net45) (>= netcoreapp1.1)) (== net462)
      System.Xml.XmlSerializer (>= 4.3) - restriction: || (&& (== net45) (>= net46)) (&& (== net45) (>= netcoreapp1.1)) (== net462)
    BenchmarkDotNet.Toolchains.Roslyn (0.10.14) - restriction: || (&& (== net45) (>= net46)) (== net462)
      BenchmarkDotNet.Core (>= 0.10.14) - restriction: || (&& (== net45) (>= net46)) (== net462)
      Microsoft.CodeAnalysis.CSharp (>= 2.6.1) - restriction: || (&& (== net45) (>= net46)) (== net462)
      System.Threading.Tasks (>= 4.3) - restriction: || (&& (== net45) (>= net46)) (== net462)
    Diff.Match.Patch (2.1)
      FSharp.Core (>= 3.1.2.5)
    FParsec (1.0.3)
      FSharp.Core (>= 4.0.0.1)
    FSharp.Collections.ParallelSeq (1.1.2)
      FSharp.Core (>= 4.0.0.1)
      System.ValueTuple (>= 4.3.1)
    FSharp.Compiler.Service (23.0.3)
      FSharp.Core (>= 4.1.18)
      System.Collections.Immutable (>= 1.3.1)
      System.Reflection.Metadata (>= 1.4.2)
      System.ValueTuple (>= 4.3.1)
    FSharp.Core (4.3.4)
    FSharp.Object.Diff (1.0)
      FSharp.Core (>= 4.0.0.1)
    MessagePack (1.7.3.4)
      System.Threading.Tasks.Extensions (>= 4.3)
      System.ValueTuple (>= 4.3)
    MessagePack.FSharpExtensions (1.4)
      FSharp.Core (>= 4.1.18)
      MessagePack (>= 1.7)
    Microsoft.CodeAnalysis.Analyzers (2.6.1) - restriction: || (&& (== net45) (>= net46)) (== net462)
    Microsoft.CodeAnalysis.Common (2.8.2) - restriction: || (&& (== net45) (>= net46)) (== net462)
      Microsoft.CodeAnalysis.Analyzers (>= 1.1) - restriction: || (&& (== net45) (>= netstandard1.3)) (== net462)
      System.AppContext (>= 4.3) - restriction: || (&& (== net45) (>= netstandard1.3)) (== net462)
      System.Collections (>= 4.3) - restriction: || (&& (== net45) (>= netstandard1.3)) (== net462)
      System.Collections.Concurrent (>= 4.3) - restriction: || (&& (== net45) (>= netstandard1.3)) (== net462)
      System.Collections.Immutable (>= 1.3.1) - restriction: || (&& (== net45) (>= netstandard1.3)) (== net462)
      System.Console (>= 4.3) - restriction: || (&& (== net45) (>= netstandard1.3)) (== net462)
      System.Diagnostics.Debug (>= 4.3) - restriction: || (&& (== net45) (>= netstandard1.3)) (== net462)
      System.Diagnostics.FileVersionInfo (>= 4.3) - restriction: || (&& (== net45) (>= netstandard1.3)) (== net462)
      System.Diagnostics.StackTrace (>= 4.3) - restriction: || (&& (== net45) (>= netstandard1.3)) (== net462)
      System.Diagnostics.Tools (>= 4.3) - restriction: || (&& (== net45) (>= netstandard1.3)) (== net462)
      System.Dynamic.Runtime (>= 4.3) - restriction: || (&& (== net45) (>= netstandard1.3)) (== net462)
      System.Globalization (>= 4.3) - restriction: || (&& (== net45) (>= netstandard1.3)) (== net462)
      System.IO.Compression (>= 4.3) - restriction: || (&& (== net45) (>= netstandard1.3)) (== net462)
      System.IO.FileSystem (>= 4.3) - restriction: || (&& (== net45) (>= netstandard1.3)) (== net462)
      System.IO.FileSystem.Primitives (>= 4.3) - restriction: || (&& (== net45) (>= netstandard1.3)) (== net462)
      System.Linq (>= 4.3) - restriction: || (&& (== net45) (>= netstandard1.3)) (== net462)
      System.Linq.Expressions (>= 4.3) - restriction: || (&& (== net45) (>= netstandard1.3)) (== net462)
      System.Reflection (>= 4.3) - restriction: || (&& (== net45) (>= netstandard1.3)) (== net462)
      System.Reflection.Metadata (>= 1.4.2) - restriction: || (&& (== net45) (>= netstandard1.3)) (== net462)
      System.Resources.ResourceManager (>= 4.3) - restriction: || (&& (== net45) (>= netstandard1.3)) (== net462)
      System.Runtime (>= 4.3) - restriction: || (&& (== net45) (>= netstandard1.3)) (== net462)
      System.Runtime.Extensions (>= 4.3) - restriction: || (&& (== net45) (>= netstandard1.3)) (== net462)
      System.Runtime.InteropServices (>= 4.3) - restriction: || (&& (== net45) (>= netstandard1.3)) (== net462)
      System.Runtime.Numerics (>= 4.3) - restriction: || (&& (== net45) (>= netstandard1.3)) (== net462)
      System.Security.Cryptography.Algorithms (>= 4.3) - restriction: || (&& (== net45) (>= netstandard1.3)) (== net462)
      System.Security.Cryptography.Encoding (>= 4.3) - restriction: || (&& (== net45) (>= netstandard1.3)) (== net462)
      System.Security.Cryptography.X509Certificates (>= 4.3) - restriction: || (&& (== net45) (>= netstandard1.3)) (== net462)
      System.Text.Encoding (>= 4.3) - restriction: || (&& (== net45) (>= netstandard1.3)) (== net462)
      System.Text.Encoding.CodePages (>= 4.3) - restriction: || (&& (== net45) (>= netstandard1.3)) (== net462)
      System.Text.Encoding.Extensions (>= 4.3) - restriction: || (&& (== net45) (>= netstandard1.3)) (== net462)
      System.Threading (>= 4.3) - restriction: || (&& (== net45) (>= netstandard1.3)) (== net462)
      System.Threading.Tasks (>= 4.3) - restriction: || (&& (== net45) (>= netstandard1.3)) (== net462)
      System.Threading.Tasks.Parallel (>= 4.3) - restriction: || (&& (== net45) (>= netstandard1.3)) (== net462)
      System.Threading.Thread (>= 4.3) - restriction: || (&& (== net45) (>= netstandard1.3)) (== net462)
      System.ValueTuple (>= 4.3) - restriction: || (&& (== net45) (>= netstandard1.3)) (== net462)
      System.Xml.ReaderWriter (>= 4.3) - restriction: || (&& (== net45) (>= netstandard1.3)) (== net462)
      System.Xml.XDocument (>= 4.3) - restriction: || (&& (== net45) (>= netstandard1.3)) (== net462)
      System.Xml.XmlDocument (>= 4.3) - restriction: || (&& (== net45) (>= netstandard1.3)) (== net462)
      System.Xml.XPath.XDocument (>= 4.3) - restriction: || (&& (== net45) (>= netstandard1.3)) (== net462)
    Microsoft.CodeAnalysis.CSharp (2.8.2) - restriction: || (&& (== net45) (>= net46)) (== net462)
      Microsoft.CodeAnalysis.Common (2.8.2)
    Microsoft.DotNet.InternalAbstractions (1.0) - restriction: || (&& (== net45) (>= net46)) (&& (== net45) (>= netcoreapp1.1)) (== net462)
    Microsoft.DotNet.PlatformAbstractions (2.1) - restriction: || (&& (== net45) (>= net46)) (&& (== net45) (>= netcoreapp1.1)) (== net462)
      System.Runtime.InteropServices.RuntimeInformation (>= 4.0)
    Microsoft.Win32.Registry (4.5) - restriction: || (&& (== net45) (>= net46)) (&& (== net45) (>= netcoreapp1.1)) (== net462)
      System.Security.AccessControl (>= 4.5) - restriction: || (&& (== net45) (>= monoandroid)) (&& (== net45) (>= monotouch)) (&& (== net45) (>= net461)) (&& (== net45) (>= netcoreapp2.0)) (&& (== net45) (>= netcoreapp2.1)) (&& (== net45) (>= netstandard2.0)) (&& (== net45) (>= xamarinios)) (&& (== net45) (>= xamarinmac)) (&& (== net45) (>= xamarintvos)) (&& (== net45) (>= xamarinwatchos)) (== net462)
      System.Security.Principal.Windows (>= 4.5) - restriction: || (&& (== net45) (>= monoandroid)) (&& (== net45) (>= monotouch)) (&& (== net45) (>= net461)) (&& (== net45) (>= netcoreapp2.0)) (&& (== net45) (>= netcoreapp2.1)) (&& (== net45) (>= netstandard2.0)) (&& (== net45) (>= xamarinios)) (&& (== net45) (>= xamarinmac)) (&& (== net45) (>= xamarintvos)) (&& (== net45) (>= xamarinwatchos)) (== net462)
    Persimmon (4.0.1)
      FSharp.Core (>= 3.1.2.5)
    Persimmon.MuscleAssert (3.0)
      Diff.Match.Patch (>= 2.1)
      FSharp.Core (>= 4.0.0.1)
      FSharp.Object.Diff (>= 1.0)
      Persimmon (>= 4.0.1)
    System.AppContext (4.3) - restriction: || (&& (== net45) (>= net46)) (== net462)
    System.Collections (4.3) - restriction: || (&& (== net45) (>= net46)) (== net462)
    System.Collections.Concurrent (4.3) - restriction: || (&& (== net45) (>= net46)) (== net462)
    System.Collections.Immutable (1.5)
    System.Console (4.3.1) - restriction: || (&& (== net45) (>= net46)) (== net462)
    System.Diagnostics.Debug (4.3) - restriction: || (&& (== net45) (>= net46)) (== net462)
    System.Diagnostics.FileVersionInfo (4.3) - restriction: || (&& (== net45) (>= net46)) (&& (== net45) (>= netcoreapp1.1)) (== net462)
    System.Diagnostics.StackTrace (4.3) - restriction: || (&& (== net45) (>= net46)) (== net462)
    System.Diagnostics.Tools (4.3) - restriction: || (&& (== net45) (>= net46)) (== net462)
    System.Dynamic.Runtime (4.3) - restriction: || (&& (== net45) (>= net46)) (== net462)
    System.Globalization (4.3) - restriction: || (&& (== net45) (>= net46)) (== net462)
    System.IO.Compression (4.3) - restriction: || (&& (== net45) (>= net46)) (== net462)
    System.IO.FileSystem (4.3) - restriction: || (&& (== net45) (>= net46)) (== net462)
      System.IO.FileSystem.Primitives (>= 4.3) - restriction: || (&& (== net45) (>= net46)) (&& (== net45) (>= netstandard1.3)) (== net462)
    System.IO.FileSystem.Primitives (4.3) - restriction: || (&& (== net45) (>= net46)) (== net462)
    System.Linq (4.3) - restriction: || (&& (== net45) (>= net46)) (== net462)
    System.Linq.Expressions (4.3) - restriction: || (&& (== net45) (>= net46)) (== net462)
    System.Reflection (4.3) - restriction: || (&& (== net45) (>= net46)) (== net462)
    System.Reflection.Metadata (1.6)
      System.Collections.Immutable (>= 1.5)
    System.Resources.ResourceManager (4.3) - restriction: || (&& (== net45) (>= net46)) (== net462)
    System.Runtime (4.3) - restriction: || (&& (== net45) (>= net46)) (== net462)
    System.Runtime.CompilerServices.Unsafe (4.5.1)
    System.Runtime.Extensions (4.3) - restriction: || (&& (== net45) (>= net46)) (== net462)
    System.Runtime.InteropServices (4.3) - restriction: || (&& (== net45) (>= net46)) (== net462)
      System.Runtime (>= 4.3) - restriction: || (&& (== net45) (>= net462)) (&& (== net45) (>= netcoreapp1.1)) (&& (== net45) (< portable-net45+win8+wpa81)) (== net462)
    System.Runtime.InteropServices.RuntimeInformation (4.3) - restriction: || (&& (== net45) (>= net46)) (&& (== net45) (>= netcoreapp1.1)) (== net462)
    System.Runtime.Numerics (4.3) - restriction: || (&& (== net45) (>= net46)) (== net462)
    System.Security.AccessControl (4.5) - restriction: || (&& (== net45) (>= monoandroid) (>= net46)) (&& (== net45) (>= monoandroid) (>= netcoreapp1.1)) (&& (== net45) (>= monotouch) (>= net46)) (&& (== net45) (>= monotouch) (>= netcoreapp1.1)) (&& (== net45) (>= net46) (>= netstandard2.0)) (&& (== net45) (>= net46) (>= xamarinios)) (&& (== net45) (>= net46) (>= xamarinmac)) (&& (== net45) (>= net46) (>= xamarintvos)) (&& (== net45) (>= net46) (>= xamarinwatchos)) (&& (== net45) (>= net461)) (&& (== net45) (>= netcoreapp1.1) (>= netstandard2.0)) (&& (== net45) (>= netcoreapp1.1) (>= xamarinios)) (&& (== net45) (>= netcoreapp1.1) (>= xamarinmac)) (&& (== net45) (>= netcoreapp1.1) (>= xamarintvos)) (&& (== net45) (>= netcoreapp1.1) (>= xamarinwatchos)) (&& (== net45) (>= netcoreapp2.0)) (&& (== net45) (>= netcoreapp2.1)) (== net462)
      System.Security.Principal.Windows (>= 4.5) - restriction: || (&& (== net45) (>= net461)) (&& (== net45) (>= netcoreapp2.0)) (&& (== net45) (>= netstandard2.0)) (== net462)
    System.Security.Cryptography.Algorithms (4.3.1) - restriction: || (&& (== net45) (>= net46)) (== net462)
      System.Security.Cryptography.Primitives (>= 4.3)
    System.Security.Cryptography.Encoding (4.3) - restriction: || (&& (== net45) (>= net46)) (== net462)
    System.Security.Cryptography.Primitives (4.3) - restriction: || (&& (== net45) (>= net46)) (&& (== net45) (>= net461)) (&& (== net45) (>= net463)) (== net462)
    System.Security.Cryptography.X509Certificates (4.3.2) - restriction: || (&& (== net45) (>= net46)) (== net462)
      System.Security.Cryptography.Algorithms (>= 4.3)
      System.Security.Cryptography.Encoding (>= 4.3)
    System.Security.Principal.Windows (4.5) - restriction: || (&& (== net45) (>= monoandroid) (>= net46)) (&& (== net45) (>= monoandroid) (>= netcoreapp1.1)) (&& (== net45) (>= monotouch) (>= net46)) (&& (== net45) (>= monotouch) (>= netcoreapp1.1)) (&& (== net45) (>= net46) (>= netstandard2.0)) (&& (== net45) (>= net46) (>= xamarinios)) (&& (== net45) (>= net46) (>= xamarinmac)) (&& (== net45) (>= net46) (>= xamarintvos)) (&& (== net45) (>= net46) (>= xamarinwatchos)) (&& (== net45) (>= net461)) (&& (== net45) (>= netcoreapp1.1) (>= netstandard2.0)) (&& (== net45) (>= netcoreapp1.1) (>= xamarinios)) (&& (== net45) (>= netcoreapp1.1) (>= xamarinmac)) (&& (== net45) (>= netcoreapp1.1) (>= xamarintvos)) (&& (== net45) (>= netcoreapp1.1) (>= xamarinwatchos)) (&& (== net45) (>= netcoreapp2.0)) (&& (== net45) (>= netcoreapp2.1)) (== net462)
    System.Text.Encoding (4.3) - restriction: || (&& (== net45) (>= net46)) (== net462)
    System.Text.Encoding.CodePages (4.5) - restriction: || (&& (== net45) (>= net46)) (== net462)
      System.Runtime.CompilerServices.Unsafe (>= 4.5) - restriction: || (&& (== net45) (>= net461)) (&& (== net45) (>= netcoreapp2.0)) (&& (== net45) (>= netstandard2.0)) (== net462)
    System.Text.Encoding.Extensions (4.3) - restriction: || (&& (== net45) (>= net46)) (== net462)
    System.Threading (4.3) - restriction: || (&& (== net45) (>= net46)) (== net462)
    System.Threading.Tasks (4.3) - restriction: || (&& (== net45) (>= net46)) (== net462)
    System.Threading.Tasks.Extensions (4.5.1)
      System.Runtime.CompilerServices.Unsafe (>= 4.5)
    System.Threading.Tasks.Parallel (4.3) - restriction: || (&& (== net45) (>= net46)) (== net462)
    System.Threading.Thread (4.3) - restriction: || (&& (== net45) (>= net46)) (== net462)
    System.ValueTuple (4.5)
    System.Xml.ReaderWriter (4.3.1) - restriction: || (&& (== net45) (>= net46)) (== net462)
    System.Xml.XDocument (4.3) - restriction: || (&& (== net45) (>= net46)) (== net462)
    System.Xml.XmlDocument (4.3) - restriction: || (&& (== net45) (>= net46)) (== net462)
    System.Xml.XmlSerializer (4.3) - restriction: || (&& (== net45) (>= net46)) (&& (== net45) (>= netcoreapp1.1)) (== net462)
    System.Xml.XPath (4.3) - restriction: || (&& (== net45) (>= net46)) (== net462)
    System.Xml.XPath.XDocument (4.3) - restriction: || (&& (== net45) (>= net46)) (== net462)
      System.Xml.XPath (>= 4.3) - restriction: || (&& (== net45) (>= net46)) (&& (== net45) (>= netstandard1.3)) (== net462)

GROUP Build
RESTRICTION: == net462
NUGET
  remote: https://www.nuget.org/api/v2
    FAKE (4.64.6)
    FAKE.Lib (4.64.6)
    FAKE.Persimmon (1.0.4)
      FAKE.Lib (>= 4.1)
      Persimmon.Console (>= 1.0.2)
    Octokit (0.29)
    Persimmon.Console (4.0.1)
GITHUB
  remote: fsharp/FAKE
    modules/Octokit/Octokit.fsx (320bdd6c69725de15a7734cb40d0f6330b37ec64)
      Octokit (>= 0.20)