NUGET
  remote: https://www.nuget.org/api/v2
    FParsec (1.0.2)
    FSharp.Compiler.Service (5.0)
    FsPickler (2.1)

GROUP Build
NUGET
  remote: https://www.nuget.org/api/v2
    FAKE (4.25.4)
    FAKE.Lib (4.25.4)
    FAKE.Persimmon (1.0.4)
      FAKE.Lib (>= 4.1)
      Persimmon.Console (>= 1.0.2)
    FSharp.Compiler.Service (2.0.0.6)
    FSharp.Formatting (2.14.2)
      FSharp.Compiler.Service (2.0.0.6)
      FSharpVSPowerTools.Core (>= 2.3 < 2.4)
    FSharpVSPowerTools.Core (2.3)
      FSharp.Compiler.Service (>= 2.0.0.3)
    Microsoft.Bcl (1.1.10) - framework: net10, net11, net20, net30, net35, net40, net40-full
      Microsoft.Bcl.Build (>= 1.0.14)
    Microsoft.Bcl.Build (1.0.21) - import_targets: false, framework: net10, net11, net20, net30, net35, net40, net40-full
    Microsoft.Net.Http (2.2.29) - framework: net10, net11, net20, net30, net35, net40, net40-full
      Microsoft.Bcl (>= 1.1.10)
      Microsoft.Bcl.Build (>= 1.0.14)
    Octokit (0.19)
      Microsoft.Net.Http
    Persimmon.Console (1.1)
    SourceLink.Fake (1.1)
GITHUB
  remote: fsharp/FAKE
    modules/Octokit/Octokit.fsx (db3139b0bf8a93047a68ca10f0135f1e94a10cae)
      Octokit
GROUP Test
NUGET
  remote: https://www.nuget.org/api/v2
    FSharp.Object.Diff (0.6.1)
    Persimmon (1.1)
    Persimmon.Console (1.1)
    Persimmon.MuscleAssert (0.5)
      FSharp.Object.Diff (>= 0.6.1)
      Persimmon (>= 1.1)
